PATH
  remote: .
  specs:
    heroku-autoscale (0.2.2)
      eventmachine
      heroku (~> 1.9)
      rack (~> 1.0)

GEM
  remote: https://rubygems.org/
  specs:
    configuration (1.3.2)
    diff-lcs (1.1.3)
    eventmachine (1.0.0)
    git (1.2.5)
    heroku (1.20.1)
      launchy (~> 0.3.2)
      rest-client (>= 1.4.0, < 1.7.0)
    jeweler (1.8.4)
      bundler (~> 1.0)
      git (>= 1.2.5)
      rake
      rdoc
    json (1.7.5)
    launchy (0.3.7)
      configuration (>= 0.0.5)
      rake (>= 0.8.1)
    mime-types (1.19)
    rack (1.4.1)
    rack-test (0.5.7)
      rack (>= 1.0)
    rake (0.8.7)
    rcov (0.9.11)
    rdoc (3.12)
      json (~> 1.4)
    rest-client (1.6.7)
      mime-types (>= 1.16)
    rr (0.10.11)
    rspec (2.0.1)
      rspec-core (~> 2.0.1)
      rspec-expectations (~> 2.0.1)
      rspec-mocks (~> 2.0.1)
    rspec-core (2.0.1)
    rspec-expectations (2.0.1)
      diff-lcs (>= 1.1.2)
    rspec-mocks (2.0.1)
      rspec-core (~> 2.0.1)
      rspec-expectations (~> 2.0.1)

PLATFORMS
  ruby

DEPENDENCIES
  heroku-autoscale!
  jeweler
  rack-test (~> 0.5.4)
  rake (~> 0.8.7)
  rcov (~> 0.9.8)
  rr (~> 0.10.11)
  rspec (~> 2.0.0)
